PATH
  remote: .
  specs:
    git_handsome (0.0.1)
      erubis
      launchy
      sinatra

GEM
  remote: http://rubygems.org/
  specs:
    addressable (2.2.6)
    erubis (2.7.0)
    launchy (2.0.5)
      addressable (~> 2.2.6)
    rack (1.3.2)
    rake (0.8.7)
    shotgun (0.9)
      rack (>= 1.0)
    sinatra (1.2.6)
      rack (~> 1.1)
      tilt (< 2.0, >= 1.2.2)
    tilt (1.3.2)

PLATFORMS
  ruby

DEPENDENCIES
  git_handsome!
  rake
  shotgun
