PATH
  remote: .
  specs:
    git_handsome (0.0.2)
      erubis
      launchy
      sinatra

GEM
  remote: http://rubygems.org/
  specs:
    addressable (2.2.6)
    em-websocket (0.3.1)
      addressable (>= 2.1.1)
      eventmachine (>= 0.12.9)
    erubis (2.7.0)
    eventmachine (0.12.10)
    guard (0.5.1)
      thor (~> 0.14.6)
    guard-livereload (0.2.1)
      em-websocket (>= 0.2.0)
      guard (>= 0.4.0)
      json (>= 1.5.1)
    json (1.5.3)
    launchy (2.0.5)
      addressable (~> 2.2.6)
    rack (1.3.2)
    rake (0.8.7)
    shotgun (0.9)
      rack (>= 1.0)
    sinatra (1.2.6)
      rack (~> 1.1)
      tilt (< 2.0, >= 1.2.2)
    thor (0.14.6)
    tilt (1.3.2)

PLATFORMS
  ruby

DEPENDENCIES
  git_handsome!
  guard-livereload
  rake
  shotgun
